GEM
  remote: https://rubygems.org/
  specs:
    actioncable (8.0.0.1)
      actionpack (= 8.0.0.1)
      activesupport (= 8.0.0.1)
      nio4r (~> 2.0)
      websocket-driver (>= 0.6.1)
      zeitwerk (~> 2.6)
    actionmailbox (8.0.0.1)
      actionpack (= 8.0.0.1)
      activejob (= 8.0.0.1)
      activerecord (= 8.0.0.1)
      activestorage (= 8.0.0.1)
      activesupport (= 8.0.0.1)
      mail (>= 2.8.0)
    actionmailer (8.0.0.1)
      actionpack (= 8.0.0.1)
      actionview (= 8.0.0.1)
      activejob (= 8.0.0.1)
      activesupport (= 8.0.0.1)
      mail (>= 2.8.0)
      rails-dom-testing (~> 2.2)
    actionpack (8.0.0.1)
      actionview (= 8.0.0.1)
      activesupport (= 8.0.0.1)
      nokogiri (>= 1.8.5)
      rack (>= 2.2.4)
      rack-session (>= 1.0.1)
      rack-test (>= 0.6.3)
      rails-dom-testing (~> 2.2)
      rails-html-sanitizer (~> 1.6)
      useragent (~> 0.16)
    actiontext (8.0.0.1)
      actionpack (= 8.0.0.1)
      activerecord (= 8.0.0.1)
      activestorage (= 8.0.0.1)
      activesupport (= 8.0.0.1)
      globalid (>= 0.6.0)
      nokogiri (>= 1.8.5)
    actionview (8.0.0.1)
      activesupport (= 8.0.0.1)
      builder (~> 3.1)
      erubi (~> 1.11)
      rails-dom-testing (~> 2.2)
      rails-html-sanitizer (~> 1.6)
    activejob (8.0.0.1)
      activesupport (= 8.0.0.1)
      globalid (>= 0.3.6)
    activemodel (8.0.0.1)
      activesupport (= 8.0.0.1)
    activerecord (8.0.0.1)
      activemodel (= 8.0.0.1)
      activesupport (= 8.0.0.1)
      timeout (>= 0.4.0)
    activestorage (8.0.0.1)
      actionpack (= 8.0.0.1)
      activejob (= 8.0.0.1)
      activerecord (= 8.0.0.1)
      activesupport (= 8.0.0.1)
      marcel (~> 1.0)
    activesupport (8.0.0.1)
      base64
      benchmark (>= 0.3)
      bigdecimal
      concurrent-ruby (~> 1.0, >= 1.3.1)
      connection_pool (>= 2.2.5)
      drb
      i18n (>= 1.6, < 2)
      logger (>= 1.4.2)
      minitest (>= 5.1)
      securerandom (>= 0.3)
      tzinfo (~> 2.0, >= 2.0.5)
      uri (>= 0.13.1)
    addressable (2.8.7)
      public_suffix (>= 2.0.2, < 7.0)
    aes_key_wrap (1.1.0)
    ast (2.4.2)
    attr_required (1.0.2)
    base64 (0.2.0)
    bcrypt_pbkdf (1.1.1)
    bcrypt_pbkdf (1.1.1-arm64-darwin)
    bcrypt_pbkdf (1.1.1-x86_64-darwin)
    benchmark (0.4.0)
    bigdecimal (3.1.8)
    bindata (2.5.0)
    bindex (0.8.1)
    bootsnap (1.18.4)
      msgpack (~> 1.2)
    brakeman (6.2.2)
      racc
    builder (3.3.0)
    capybara (3.40.0)
      addressable
      matrix
      mini_mime (>= 0.1.3)
      nokogiri (~> 1.11)
      rack (>= 1.6.0)
      rack-test (>= 0.6.3)
      regexp_parser (>= 1.5, < 3.0)
      xpath (~> 3.2)
    concurrent-ruby (1.3.4)
    connection_pool (2.4.1)
    crass (1.0.6)
    date (3.4.1)
    debug (1.9.2)
      irb (~> 1.10)
      reline (>= 0.3.8)
    dotenv (3.1.4)
    drb (2.2.1)
    dry-cli (1.2.0)
    ed25519 (1.3.0)
    email_validator (2.2.4)
      activemodel
    erubi (1.13.0)
    et-orbi (1.2.11)
      tzinfo
    faraday (2.12.1)
      faraday-net_http (>= 2.0, < 3.5)
      json
      logger
    faraday-follow_redirects (0.3.0)
      faraday (>= 1, < 3)
    faraday-net_http (3.4.0)
      net-http (>= 0.5.0)
    fugit (1.11.1)
      et-orbi (~> 1, >= 1.2.11)
      raabro (~> 1.4)
    globalid (1.2.1)
      activesupport (>= 6.1)
    hashie (5.0.0)
    i18n (1.14.6)
      concurrent-ruby (~> 1.0)
    importmap-rails (2.0.3)
      actionpack (>= 6.0.0)
      activesupport (>= 6.0.0)
      railties (>= 6.0.0)
    inertia_rails (3.4.0)
      railties (>= 6)
    io-console (0.8.0)
    irb (1.14.1)
      rdoc (>= 4.0.0)
      reline (>= 0.4.2)
    jbuilder (2.13.0)
      actionview (>= 5.0.0)
      activesupport (>= 5.0.0)
    js-routes (2.3.0)
      railties (>= 5)
      sorbet-runtime
    json (2.8.2)
    json-jwt (1.16.7)
      activesupport (>= 4.2)
      aes_key_wrap
      base64
      bindata
      faraday (~> 2.0)
      faraday-follow_redirects
    kamal (2.3.0)
      activesupport (>= 7.0)
      base64 (~> 0.2)
      bcrypt_pbkdf (~> 1.0)
      concurrent-ruby (~> 1.2)
      dotenv (~> 3.1)
      ed25519 (~> 1.2)
      net-ssh (~> 7.3)
      sshkit (>= 1.23.0, < 2.0)
      thor (~> 1.3)
      zeitwerk (>= 2.6.18, < 3.0)
    language_server-protocol (3.17.0.3)
    logger (1.6.2)
    loofah (2.23.1)
      crass (~> 1.0.2)
      nokogiri (>= 1.12.0)
    mail (2.8.1)
      mini_mime (>= 0.1.1)
      net-imap
      net-pop
      net-smtp
    marcel (1.0.4)
    matrix (0.4.2)
    mini_mime (1.1.5)
    minitest (5.25.4)
    msgpack (1.7.5)
    mutex_m (0.3.0)
    net-http (0.5.0)
      uri
    net-imap (0.5.1)
      date
      net-protocol
    net-pop (0.1.2)
      net-protocol
    net-protocol (0.2.2)
      timeout
    net-scp (4.0.0)
      net-ssh (>= 2.6.5, < 8.0.0)
    net-sftp (4.0.0)
      net-ssh (>= 5.0.0, < 8.0.0)
    net-smtp (0.5.0)
      net-protocol
    net-ssh (7.3.0)
    nio4r (2.7.4)
    nokogiri (1.17.1-aarch64-linux)
      racc (~> 1.4)
    nokogiri (1.17.1-arm-linux)
      racc (~> 1.4)
    nokogiri (1.17.1-arm64-darwin)
      racc (~> 1.4)
    nokogiri (1.17.1-x86-linux)
      racc (~> 1.4)
    nokogiri (1.17.1-x86_64-darwin)
      racc (~> 1.4)
    nokogiri (1.17.1-x86_64-linux)
      racc (~> 1.4)
    omniauth (2.1.2)
      hashie (>= 3.4.6)
      rack (>= 2.2.3)
      rack-protection
    omniauth-rails_csrf_protection (1.0.2)
      actionpack (>= 4.2)
      omniauth (~> 2.0)
    omniauth_openid_connect (0.8.0)
      omniauth (>= 1.9, < 3)
      openid_connect (~> 2.2)
    openid_connect (2.3.1)
      activemodel
      attr_required (>= 1.0.0)
      email_validator
      faraday (~> 2.0)
      faraday-follow_redirects
      json-jwt (>= 1.16)
      mail
      rack-oauth2 (~> 2.2)
      swd (~> 2.0)
      tzinfo
      validate_url
      webfinger (~> 2.0)
    ostruct (0.6.1)
    parallel (1.26.3)
    parser (3.3.6.0)
      ast (~> 2.4.1)
      racc
    propshaft (1.1.0)
      actionpack (>= 7.0.0)
      activesupport (>= 7.0.0)
      rack
      railties (>= 7.0.0)
    psych (5.2.1)
      date
      stringio
    public_suffix (6.0.1)
    puma (6.5.0)
      nio4r (~> 2.0)
    raabro (1.4.0)
    racc (1.8.1)
    rack (3.1.8)
    rack-oauth2 (2.2.1)
      activesupport
      attr_required
      faraday (~> 2.0)
      faraday-follow_redirects
      json-jwt (>= 1.11.0)
      rack (>= 2.1.0)
    rack-protection (4.1.1)
      base64 (>= 0.1.0)
      logger (>= 1.6.0)
      rack (>= 3.0.0, < 4)
    rack-proxy (0.7.7)
      rack
    rack-session (2.0.0)
      rack (>= 3.0.0)
    rack-test (2.1.0)
      rack (>= 1.3)
    rackup (2.2.1)
      rack (>= 3)
    rails (8.0.0.1)
      actioncable (= 8.0.0.1)
      actionmailbox (= 8.0.0.1)
      actionmailer (= 8.0.0.1)
      actionpack (= 8.0.0.1)
      actiontext (= 8.0.0.1)
      actionview (= 8.0.0.1)
      activejob (= 8.0.0.1)
      activemodel (= 8.0.0.1)
      activerecord (= 8.0.0.1)
      activestorage (= 8.0.0.1)
      activesupport (= 8.0.0.1)
      bundler (>= 1.15.0)
      railties (= 8.0.0.1)
    rails-dom-testing (2.2.0)
      activesupport (>= 5.0.0)
      minitest
      nokogiri (>= 1.6)
    rails-html-sanitizer (1.6.1)
      loofah (~> 2.21)
      nokogiri (>= 1.15.7, != 1.16.7, != 1.16.6, != 1.16.5, != 1.16.4, != 1.16.3, != 1.16.2, != 1.16.1, != 1.16.0.rc1, != 1.16.0)
    railties (8.0.0.1)
      actionpack (= 8.0.0.1)
      activesupport (= 8.0.0.1)
      irb (~> 1.13)
      rackup (>= 1.0.0)
      rake (>= 12.2)
      thor (~> 1.0, >= 1.2.2)
      zeitwerk (~> 2.6)
    rainbow (3.1.1)
    rake (13.2.1)
    rdoc (6.8.1)
      psych (>= 4.0.0)
    regexp_parser (2.9.2)
    reline (0.5.12)
      io-console (~> 0.5)
    rexml (3.3.9)
    rubocop (1.68.0)
      json (~> 2.3)
      language_server-protocol (>= 3.17.0)
      parallel (~> 1.10)
      parser (>= 3.3.0.2)
      rainbow (>= 2.2.2, < 4.0)
      regexp_parser (>= 2.4, < 3.0)
      rubocop-ast (>= 1.32.2, < 2.0)
      ruby-progressbar (~> 1.7)
      unicode-display_width (>= 2.4.0, < 3.0)
    rubocop-ast (1.36.1)
      parser (>= 3.3.1.0)
    rubocop-minitest (0.36.0)
      rubocop (>= 1.61, < 2.0)
      rubocop-ast (>= 1.31.1, < 2.0)
    rubocop-performance (1.23.0)
      rubocop (>= 1.48.1, < 2.0)
      rubocop-ast (>= 1.31.1, < 2.0)
    rubocop-rails (2.27.0)
      activesupport (>= 4.2.0)
      rack (>= 1.1)
      rubocop (>= 1.52.0, < 2.0)
      rubocop-ast (>= 1.31.1, < 2.0)
    rubocop-rails-omakase (1.0.0)
      rubocop
      rubocop-minitest
      rubocop-performance
      rubocop-rails
    ruby-progressbar (1.13.0)
    rubyzip (2.3.2)
    securerandom (0.4.0)
    selenium-webdriver (4.26.0)
      base64 (~> 0.2)
      logger (~> 1.4)
      rexml (~> 3.2, >= 3.2.5)
      rubyzip (>= 1.2.2, < 3.0)
      websocket (~> 1.0)
    solid_cable (3.0.2)
      actioncable (>= 7.2)
      activejob (>= 7.2)
      activerecord (>= 7.2)
      railties (>= 7.2)
    solid_cache (1.0.6)
      activejob (>= 7.2)
      activerecord (>= 7.2)
      railties (>= 7.2)
    solid_queue (1.0.2)
      activejob (>= 7.1)
      activerecord (>= 7.1)
      concurrent-ruby (>= 1.3.1)
      fugit (~> 1.11.0)
      railties (>= 7.1)
      thor (~> 1.3.1)
    sorbet-runtime (0.5.11663)
    sqlite3 (2.3.0-aarch64-linux-gnu)
    sqlite3 (2.3.0-aarch64-linux-musl)
    sqlite3 (2.3.0-arm-linux-gnu)
    sqlite3 (2.3.0-arm-linux-musl)
    sqlite3 (2.3.0-arm64-darwin)
    sqlite3 (2.3.0-x86-linux-gnu)
    sqlite3 (2.3.0-x86-linux-musl)
    sqlite3 (2.3.0-x86_64-darwin)
    sqlite3 (2.3.0-x86_64-linux-gnu)
    sqlite3 (2.3.0-x86_64-linux-musl)
    sshkit (1.23.2)
      base64
      net-scp (>= 1.1.2)
      net-sftp (>= 2.1.2)
      net-ssh (>= 2.8.0)
      ostruct
    stimulus-rails (1.3.4)
      railties (>= 6.0.0)
    stringio (3.1.2)
    swd (2.0.3)
      activesupport (>= 3)
      attr_required (>= 0.0.5)
      faraday (~> 2.0)
      faraday-follow_redirects
    thor (1.3.2)
    thruster (0.1.9)
    thruster (0.1.9-aarch64-linux)
    thruster (0.1.9-arm64-darwin)
    thruster (0.1.9-x86_64-darwin)
    thruster (0.1.9-x86_64-linux)
    timeout (0.4.2)
    turbo-rails (2.0.11)
      actionpack (>= 6.0.0)
      railties (>= 6.0.0)
    tzinfo (2.0.6)
      concurrent-ruby (~> 1.0)
    unicode-display_width (2.6.0)
    uri (1.0.2)
    useragent (0.16.11)
    validate_url (1.0.15)
      activemodel (>= 3.0.0)
      public_suffix
    vite_rails (3.0.19)
      railties (>= 5.1, < 9)
      vite_ruby (~> 3.0, >= 3.2.2)
    vite_ruby (3.9.1)
      dry-cli (>= 0.7, < 2)
      logger (~> 1.6)
      mutex_m
      rack-proxy (~> 0.6, >= 0.6.1)
      zeitwerk (~> 2.2)
    web-console (4.2.1)
      actionview (>= 6.0.0)
      activemodel (>= 6.0.0)
      bindex (>= 0.4.0)
      railties (>= 6.0.0)
    webfinger (2.1.3)
      activesupport
      faraday (~> 2.0)
      faraday-follow_redirects
    websocket (1.2.11)
    websocket-driver (0.7.6)
      websocket-extensions (>= 0.1.0)
    websocket-extensions (0.1.5)
    xpath (3.2.0)
      nokogiri (~> 1.8)
    zeitwerk (2.7.1)

PLATFORMS
  aarch64-linux
  aarch64-linux-gnu
  aarch64-linux-musl
  arm-linux
  arm-linux-gnu
  arm-linux-musl
  arm64-darwin
  x86-linux
  x86-linux-gnu
  x86-linux-musl
  x86_64-darwin
  x86_64-linux
  x86_64-linux-gnu
  x86_64-linux-musl

DEPENDENCIES
  bootsnap
  brakeman
  capybara
  debug
  importmap-rails
  inertia_rails (~> 3.0)
  jbuilder
  js-routes (~> 2.2)
  kamal
  omniauth (~> 2.1)
  omniauth-rails_csrf_protection (~> 1.0)
  omniauth_openid_connect
  propshaft
  puma (>= 5.0)
  rails (~> 8.0.0)
  rubocop-rails-omakase
  selenium-webdriver
  solid_cable
  solid_cache
  solid_queue
  sqlite3 (>= 2.1)
  stimulus-rails
  thruster
  turbo-rails
  tzinfo-data
  vite_rails (~> 3.0)
  web-console

BUNDLED WITH
   2.5.22
